PATH
  remote: .
  specs:
    rack-ebpf (0.1.0)
      rbbcc
      usdt_marker

GEM
  remote: https://rubygems.org/
  specs:
    minitest (5.14.0)
    rake (12.3.3)
    rbbcc (0.3.1)
    usdt_marker (0.1.0)

PLATFORMS
  ruby

DEPENDENCIES
  minitest (~> 5.0)
  rack-ebpf!
  rake (~> 12.0)

BUNDLED WITH
   2.0.2
